GEM
  remote: https://rubygems.org/
  specs:
    chunky_png (1.4.0)
    rqrcode (3.1.0)
      chunky_png (~> 1.0)
      rqrcode_core (~> 2.0)
    rqrcode_core (2.0.0)

PLATFORMS
  ruby
  x86_64-freebsd-14

DEPENDENCIES
  rqrcode (~> 3.1)

BUNDLED WITH
   2.7.0
