GEM
  remote: https://rubygems.org/
  specs:
    benchmark (0.4.0)
    chunky_png (1.4.0)
    logger (1.7.0)
    mini_magick (5.2.0)
      benchmark
      logger
    rqrcode (3.1.0)
      chunky_png (~> 1.0)
      rqrcode_core (~> 2.0)
    rqrcode_core (2.0.0)

PLATFORMS
  ruby
  x86_64-freebsd-14

DEPENDENCIES
  mini_magick (~> 5.2)
  rqrcode (~> 3.1)

BUNDLED WITH
   2.7.0
